PATH
  remote: .
  specs:
    eventboss (1.9.5)
      aws-sdk-sns (>= 1.1.0)
      aws-sdk-sqs (>= 1.3.0)
      rexml (~> 3.0)

GEM
  remote: https://rubygems.org/
  specs:
    aws-eventstream (1.4.0)
    aws-partitions (1.1145.0)
    aws-sdk-core (3.229.0)
      aws-eventstream (~> 1, >= 1.3.0)
      aws-partitions (~> 1, >= 1.992.0)
      aws-sigv4 (~> 1.9)
      base64
      bigdecimal
      jmespath (~> 1, >= 1.6.1)
      logger
    aws-sdk-sns (1.104.0)
      aws-sdk-core (~> 3, >= 3.228.0)
      aws-sigv4 (~> 1.5)
    aws-sdk-sqs (1.100.0)
      aws-sdk-core (~> 3, >= 3.228.0)
      aws-sigv4 (~> 1.5)
    aws-sigv4 (1.12.1)
      aws-eventstream (~> 1, >= 1.0.2)
    base64 (0.3.0)
    benchmark-ips (2.14.0)
    bigdecimal (3.2.2)
    connection_pool (2.5.3)
    diff-lcs (1.6.2)
    dotenv (3.1.8)
    http-2 (1.1.1)
    httpx (1.5.1)
      http-2 (>= 1.0.0)
    jmespath (1.6.2)
    logger (1.7.0)
    net-http-persistent (4.0.6)
      connection_pool (~> 2.2, >= 2.2.4)
    rake (13.3.0)
    rexml (3.4.1)
    rspec (3.13.1)
      rspec-core (~> 3.13.0)
      rspec-expectations (~> 3.13.0)
      rspec-mocks (~> 3.13.0)
    rspec-core (3.13.5)
      rspec-support (~> 3.13.0)
    rspec-expectations (3.13.5)
      diff-lcs (>= 1.2.0, < 2.0)
      rspec-support (~> 3.13.0)
    rspec-mocks (3.13.5)
      diff-lcs (>= 1.2.0, < 2.0)
      rspec-support (~> 3.13.0)
    rspec-support (3.13.4)

PLATFORMS
  arm64-darwin-23
  ruby

DEPENDENCIES
  benchmark-ips (~> 2.14)
  bundler (>= 1)
  dotenv (~> 3.1)
  eventboss!
  httpx (~> 1.5)
  net-http-persistent (~> 4.0)
  rake (>= 10.0)
  rspec (~> 3.0)

BUNDLED WITH
   2.6.2
