PATH
  remote: .
  specs:
    eventboss (1.0.3)
      aws-sdk-sns (>= 1.1.0)
      aws-sdk-sqs (>= 1.3.0)
      concurrent-ruby (~> 1.0, >= 1.0.5)
      dotenv (~> 2.1, >= 2.1.1)

GEM
  remote: https://rubygems.org/
  specs:
    aws-eventstream (1.0.3)
    aws-partitions (1.167.0)
    aws-sdk-core (3.53.1)
      aws-eventstream (~> 1.0, >= 1.0.2)
      aws-partitions (~> 1.0)
      aws-sigv4 (~> 1.1)
      jmespath (~> 1.0)
    aws-sdk-sns (1.16.0)
      aws-sdk-core (~> 3, >= 3.53.0)
      aws-sigv4 (~> 1.1)
    aws-sdk-sqs (1.16.0)
      aws-sdk-core (~> 3, >= 3.53.0)
      aws-sigv4 (~> 1.1)
    aws-sigv4 (1.1.0)
      aws-eventstream (~> 1.0, >= 1.0.2)
    concurrent-ruby (1.1.5)
    diff-lcs (1.3)
    dotenv (2.7.2)
    jmespath (1.4.0)
    rake (12.3.1)
    rspec (3.7.0)
      rspec-core (~> 3.7.0)
      rspec-expectations (~> 3.7.0)
      rspec-mocks (~> 3.7.0)
    rspec-core (3.7.0)
      rspec-support (~> 3.7.0)
    rspec-expectations (3.7.0)
      diff-lcs (>= 1.2.0, < 2.0)
      rspec-support (~> 3.7.0)
    rspec-mocks (3.7.0)
      diff-lcs (>= 1.2.0, < 2.0)
      rspec-support (~> 3.7.0)
    rspec-support (3.7.0)

PLATFORMS
  ruby

DEPENDENCIES
  bundler (~> 1.13)
  eventboss!
  rake (>= 10.0)
  rspec (~> 3.0)

BUNDLED WITH
   1.17.3
